GEM
  remote: https://rubygems.org/
  specs:
    awesome_print (1.2.0)
    builder (3.1.4)
    coderay (1.1.0)
    commander (4.1.5)
      highline (~> 1.6.11)
    highline (1.6.20)
    libxml-ruby (2.7.0)
    method_source (0.8.2)
    mini_portile (0.5.2)
    nokogiri (1.6.1)
      mini_portile (~> 0.5.0)
    pry (0.9.12.4)
      coderay (~> 1.0)
      method_source (~> 0.8)
      slop (~> 3.4)
    rb-dayone (0.7.1)
      builder (~> 3.1.0)
      commander (~> 4.1.2)
      libxml-ruby (~> 2.7.0)
      nokogiri (~> 1.6.0)
    slop (3.4.7)

PLATFORMS
  ruby

DEPENDENCIES
  awesome_print
  pry
  rb-dayone
